GEM
  remote: http://rubygems.org/
  specs:
    aasm (2.2.0)
    abstract (1.0.0)
    actionmailer (3.0.5)
      actionpack (= 3.0.5)
      mail (~> 2.2.15)
    actionpack (3.0.5)
      activemodel (= 3.0.5)
      activesupport (= 3.0.5)
      builder (~> 2.1.2)
      erubis (~> 2.6.6)
      i18n (~> 0.4)
      rack (~> 1.2.1)
      rack-mount (~> 0.6.13)
      rack-test (~> 0.5.7)
      tzinfo (~> 0.3.23)
    activemodel (3.0.5)
      activesupport (= 3.0.5)
      builder (~> 2.1.2)
      i18n (~> 0.4)
    activerecord (3.0.5)
      activemodel (= 3.0.5)
      activesupport (= 3.0.5)
      arel (~> 2.0.2)
      tzinfo (~> 0.3.23)
    activeresource (3.0.5)
      activemodel (= 3.0.5)
      activesupport (= 3.0.5)
    activesupport (3.0.5)
    archive-tar-minitar (0.5.2)
    arel (2.0.9)
    barista (1.0.0)
      coffee-script (~> 2.1.1)
    bcrypt-ruby (2.1.4)
    builder (2.1.2)
    coffee-script (2.1.3)
      coffee-script-source
    coffee-script-source (1.0.1)
    columnize (0.3.2)
    daemons (1.1.0)
    delayed_job (2.1.4)
      activesupport (~> 3.0)
      daemons
    devise (1.1.8)
      bcrypt-ruby (~> 2.1.2)
      warden (~> 1.0.2)
    erubis (2.6.6)
      abstract (>= 1.0.0)
    haml (3.0.25)
    haml_scaffold (1.1.0)
      haml (>= 2.0.6)
      mocha (>= 0.9.0)
      will_paginate (>= 2.2.2)
    i18n (0.5.0)
    jquery-rails (0.2.5)
      rails (~> 3.0)
      thor (~> 0.14.4)
    json (1.5.1)
    linecache19 (0.5.11)
      ruby_core_source (>= 0.1.4)
    mail (2.2.15)
      activesupport (>= 2.3.6)
      i18n (>= 0.4.0)
      mime-types (~> 1.16)
      treetop (~> 1.4.8)
    mime-types (1.16)
    mocha (0.9.12)
    mysql (2.8.1)
    polyglot (0.3.1)
    prawn (0.8.4)
      prawn-core (>= 0.8.4, < 0.9)
      prawn-layout (>= 0.8.4, < 0.9)
      prawn-security (>= 0.8.4, < 0.9)
    prawn-core (0.8.4)
    prawn-layout (0.8.4)
    prawn-security (0.8.4)
    rack (1.2.2)
    rack-mount (0.6.13)
      rack (>= 1.0.0)
    rack-test (0.5.7)
      rack (>= 1.0)
    rails (3.0.5)
      actionmailer (= 3.0.5)
      actionpack (= 3.0.5)
      activerecord (= 3.0.5)
      activeresource (= 3.0.5)
      activesupport (= 3.0.5)
      bundler (~> 1.0)
      railties (= 3.0.5)
    railties (3.0.5)
      actionpack (= 3.0.5)
      activesupport (= 3.0.5)
      rake (>= 0.8.7)
      thor (~> 0.14.4)
    rake (0.8.7)
    ruby-debug-base19 (0.11.24)
      columnize (>= 0.3.1)
      linecache19 (>= 0.5.11)
      ruby_core_source (>= 0.1.4)
    ruby-debug19 (0.11.6)
      columnize (>= 0.3.1)
      linecache19 (>= 0.5.11)
      ruby-debug-base19 (>= 0.11.19)
    ruby_core_source (0.1.4)
      archive-tar-minitar (>= 0.5.2)
    thor (0.14.6)
    treetop (1.4.9)
      polyglot (>= 0.3.1)
    tzinfo (0.3.25)
    warden (1.0.3)
      rack (>= 1.0.0)
    will_paginate (2.3.15)

PLATFORMS
  ruby

DEPENDENCIES
  aasm
  barista (= 1.0.0)
  delayed_job
  devise
  haml (= 3.0.25)
  haml_scaffold (= 1.1.0)
  jquery-rails (= 0.2.5)
  json
  mysql (= 2.8.1)
  prawn (= 0.8.4)
  rails (= 3.0.5)
  ruby-debug19
  warden
